GEM
  remote: https://rubygems.org/
  specs:
    byebug (9.0.6)
    faraday (0.9.2)
      multipart-post (>= 1.2, < 3)
    mini_portile2 (2.1.0)
    multipart-post (2.0.0)
    nokogiri (1.6.8.1)
      mini_portile2 (~> 2.1.0)
    sequel (4.40.0)
    sqlite3 (1.3.12)

PLATFORMS
  ruby

DEPENDENCIES
  byebug
  faraday
  nokogiri
  sequel
  sqlite3

BUNDLED WITH
   1.13.6
