GEM
  remote: https://rubygems.org/
  specs:
    byebug (10.0.2)
    faraday (0.15.3)
      multipart-post (>= 1.2, < 3)
    mini_portile2 (2.3.0)
    multipart-post (2.0.0)
    nokogiri (1.8.5)
      mini_portile2 (~> 2.3.0)
    sequel (4.40.0)
    sqlite3 (1.3.13)

PLATFORMS
  ruby

DEPENDENCIES
  byebug
  faraday
  nokogiri
  sequel (~> 4.40.0)
  sqlite3

BUNDLED WITH
   1.16.0
